GEM
  remote: http://rubygems.org/
  specs:
    brochure (0.5.3)
      hike (= 0.4.0)
      rack (>= 1.0.0)
      tilt (>= 1.1.0)
    coffee-script (2.2.0)
      coffee-script-source
      execjs
    coffee-script-source (1.1.2)
    execjs (1.2.4)
      multi_json (~> 1.0)
    hike (0.4.0)
    multi_json (1.0.3)
    rack (1.3.2)
    redcarpet (1.17.2)
    sass (3.1.7)
    tilt (1.3.2)

PLATFORMS
  ruby

DEPENDENCIES
  brochure
  coffee-script
  redcarpet
  sass
